GEM
  remote: http://rubygems.org/
  specs:
    addressable (2.2.8)
    chunky_png (1.2.5)
    compass (0.12.1)
      chunky_png (~> 1.2)
      fssm (>= 0.2.7)
      sass (~> 3.1)
    compass-validator (3.0.1)
    em-websocket (0.3.6)
      addressable (>= 2.1.1)
      eventmachine (>= 0.12.9)
    eventmachine (0.12.10)
    ffi (1.0.11)
    fssm (0.2.9)
    growl (1.0.3)
    guard (1.0.3)
      ffi (>= 0.5.0)
      thor (>= 0.14.6)
    guard-livereload (0.4.2)
      em-websocket (>= 0.2.0)
      guard (>= 0.10.0)
      multi_json (~> 1.0)
    guard-phpunit (0.1.2)
      guard (~> 1.0.0)
    guard-shell (0.4.0)
      guard (>= 0.2.0)
    multi_json (1.3.5)
    rake (0.9.2.2)
    sass (3.1.18)
    thor (0.15.2)
    yajl-ruby (1.1.0)

PLATFORMS
  ruby

DEPENDENCIES
  compass
  compass-validator
  growl
  guard
  guard-livereload
  guard-phpunit
  guard-shell
  rake (~> 0.9.2)
  yajl-ruby
